GIT
  remote: git://github.com/daitss/datyl.git
  revision: 31510525a583bb1e9399c7bea014b90c84454862
  specs:
    datyl (0.1.0)

GEM
  remote: http://rubygems.org/
  specs:
    builder (3.0.0)
    libxml-ruby (2.2.1)
    log4r (1.1.9)
    nokogiri (1.5.0)
    rack (1.3.2)
    sinatra (1.2.6)
      rack (~> 1.1)
      tilt (>= 1.2.2, < 2.0)
    tilt (1.3.2)

PLATFORMS
  ruby

DEPENDENCIES
  builder (>= 2.1.0)
  datyl!
  libxml-ruby
  log4r (>= 1.1.5)
  nokogiri (>= 1.4.4)
  rack (>= 1.3.0)
  sinatra (>= 1.2.1)
