GEM
  remote: http://rubygems.org/
  specs:
    builder (2.1.2)
    ci_reporter (1.6.2)
      builder (>= 2.1.2)
    cucumber (0.8.5)
      builder (~> 2.1.2)
      diff-lcs (~> 1.1.2)
      gherkin (~> 2.1.4)
      json_pure (~> 1.4.3)
      term-ansicolor (~> 1.0.4)
    diff-lcs (1.1.2)
    gherkin (2.1.5)
      trollop (~> 1.16.2)
    json_pure (1.4.6)
    libxml-ruby (1.1.4)
    log4r (1.1.8)
    pg (0.9.0)
    rack (1.2.1)
    sinatra (1.0)
      rack (>= 1.0)
    term-ansicolor (1.0.5)
    tilt (1.0.1)
    trollop (1.16.2)

PLATFORMS
  ruby

DEPENDENCIES
  builder (>= 2.1.0)
  ci_reporter (>= 1.6.1)
  cucumber (>= 0.6.1)
  libxml-ruby
  log4r (>= 1.1.5)
  pg (>= 0.9.0)
  sinatra (>= 1.0.0)
  tilt (>= 0.9.0)
