GIT
  remote: git://github.com/daitss/datyl.git
  revision: 6c27e4ac72b8badbfe10dadaa7979ac74c2fbb07
  specs:
    datyl (0.1.2)

GEM
  remote: http://rubygems.org/
  specs:
    builder (3.0.0)
    cucumber (1.0.2)
      builder (>= 2.1.2)
      diff-lcs (>= 1.1.2)
      gherkin (~> 2.4.5)
      json (>= 1.4.6)
      term-ansicolor (>= 1.0.5)
    daemons (1.1.8)
    diff-lcs (1.1.3)
    eventmachine (0.12.10)
    gherkin (2.4.16)
      json (>= 1.4.6)
    json (1.5.4)
    libxml-ruby (2.2.2)
    log4r (1.1.9)
    nokogiri (1.5.0)
    rack (1.4.1)
    rake (0.9.2)
    rcov (0.9.10)
    rspec (2.6.0)
      rspec-core (~> 2.6.0)
      rspec-expectations (~> 2.6.0)
      rspec-mocks (~> 2.6.0)
    rspec-core (2.6.4)
    rspec-expectations (2.6.0)
      diff-lcs (~> 1.1.2)
    rspec-mocks (2.6.0)
    sinatra (1.2.6)
      rack (~> 1.1)
      tilt (>= 1.2.2, < 2.0)
    term-ansicolor (1.0.6)
    thin (1.3.1)
      daemons (>= 1.0.9)
      eventmachine (>= 0.12.6)
      rack (>= 1.0.0)
    tilt (1.3.3)

PLATFORMS
  ruby

DEPENDENCIES
  builder
  cucumber
  datyl!
  json
  libxml-ruby
  log4r
  nokogiri
  rack
  rake
  rcov
  rspec
  sinatra
  thin
