GEM
  remote: http://rubygems.org/
  specs:
    builder (3.0.0)
    ci_reporter (1.6.4)
      builder (>= 2.1.2)
    cucumber (0.10.0)
      builder (>= 2.1.2)
      diff-lcs (~> 1.1.2)
      gherkin (~> 2.3.2)
      json (~> 1.4.6)
      term-ansicolor (~> 1.0.5)
    diff-lcs (1.1.2)
    gherkin (2.3.3)
      json (~> 1.4.6)
    json (1.4.6)
    libxml-ruby (1.1.4)
    log4r (1.1.9)
    nokogiri (1.4.4)
    pg (0.10.0)
    rack (1.2.2)
    sinatra (1.2.1)
      rack (~> 1.1)
      tilt (>= 1.2.2, < 2.0)
    term-ansicolor (1.0.5)
    tilt (1.2.2)

PLATFORMS
  ruby

DEPENDENCIES
  builder (>= 2.1.0)
  ci_reporter (>= 1.6.1)
  cucumber (>= 0.6.1)
  libxml-ruby
  log4r (>= 1.1.5)
  nokogiri (>= 1.4.1)
  pg (>= 0.9.0)
  rack (>= 1.2.2)
  sinatra (>= 1.2.1)
  tilt (>= 0.9.0)
