GEM
  remote: http://rubygems.org/
  specs:
    builder (3.0.0)
    libxml-ruby (1.1.4)
    log4r (1.1.9)
    nokogiri (1.4.4)
    rack (1.2.2)
    sinatra (1.2.1)
      rack (~> 1.1)
      tilt (>= 1.2.2, < 2.0)
    tilt (1.2.2)

PLATFORMS
  ruby

DEPENDENCIES
  builder (>= 2.1.0)
  libxml-ruby
  log4r (>= 1.1.5)
  nokogiri (>= 1.4.1)
  rack (>= 1.2.2)
  sinatra (>= 1.2.1)
